PATH
  remote: .
  specs:
    private_event (0.0.4)
      fog
      fpm
      sinatra
      surface

GEM
  remote: http://rubygems.org/
  specs:
    HeSYINUvSBZfxqA-foreman (0.20.0.4)
      term-ansicolor (~> 1.0.5)
      thor (>= 0.13.6)
    alias (0.2.2)
    bosonson (0.304.3)
      alias (>= 0.2.2)
      hirb (>= 0.5.0)
    builder (3.0.0)
    daemons (1.1.5)
    eventmachine (0.12.10)
    excon (0.9.4)
    fog (1.1.2)
      builder
      excon (~> 0.9.0)
      formatador (~> 0.2.0)
      mime-types
      multi_json (~> 1.0.3)
      net-scp (~> 1.0.4)
      net-ssh (>= 2.1.3)
      nokogiri (~> 1.5.0)
      ruby-hmac
    formatador (0.2.1)
    fpm (0.3.11)
      json
    hirb (0.6.0)
    json (1.6.4)
    marathon (0.0.2)
      HeSYINUvSBZfxqA-foreman
    mime-types (1.17.2)
    multi_json (1.0.4)
    net-scp (1.0.4)
      net-ssh (>= 1.99.1)
    net-ssh (2.2.1)
    nokogiri (1.5.0)
    rack (1.3.5)
    rack-protection (1.1.4)
      rack
    ruby-hmac (0.4.0)
    sinatra (1.3.1)
      rack (~> 1.3, >= 1.3.4)
      rack-protection (~> 1.1, >= 1.1.2)
      tilt (~> 1.3, >= 1.3.3)
    surface (0.0.3)
      bosonson
      marathon
      sinatra
      thin
    term-ansicolor (1.0.7)
    thin (1.3.1)
      daemons (>= 1.0.9)
      eventmachine (>= 0.12.6)
      rack (>= 1.0.0)
    thor (0.14.6)
    tilt (1.3.3)

PLATFORMS
  ruby

DEPENDENCIES
  private_event!
  thin
